GEM
  remote: http://rubygems.org/
  specs:
    activemodel (3.0.7)
      activesupport (= 3.0.7)
      builder (~> 2.1.2)
      i18n (~> 0.5.0)
    activesupport (3.0.7)
    bcrypt-ruby (2.1.4)
    bson (1.3.0)
    bson_ext (1.3.0)
    builder (2.1.2)
    daemons (1.1.3)
    diff-lcs (1.1.2)
    eventmachine (0.12.10)
    grit (2.4.1)
      diff-lcs (~> 1.1)
      mime-types (~> 1.15)
    haml (3.1.1)
    hashie (1.0.0)
    http_router (0.7.5)
      rack (>= 1.0.0)
      url_mount (~> 0.2.1)
    i18n (0.5.0)
    json_pure (1.5.1)
    mail (2.3.0)
      i18n (>= 0.4.0)
      mime-types (~> 1.16)
      treetop (~> 1.4.8)
    mime-types (1.16)
    mongo (1.3.0)
      bson (>= 1.3.0)
    mongoid (2.0.1)
      activemodel (~> 3.0)
      mongo (~> 1.3)
      tzinfo (~> 0.3.22)
      will_paginate (~> 3.0.pre)
    padrino (0.9.27)
      padrino-admin (= 0.9.27)
      padrino-cache (= 0.9.27)
      padrino-core (= 0.9.27)
      padrino-gen (= 0.9.27)
      padrino-helpers (= 0.9.27)
      padrino-mailer (= 0.9.27)
    padrino-admin (0.9.27)
      padrino-core (= 0.9.27)
      padrino-helpers (= 0.9.27)
    padrino-cache (0.9.27)
      padrino-core (= 0.9.27)
    padrino-core (0.9.27)
      activesupport (>= 3.0.0)
      http_router (~> 0.7.5)
      sinatra (~> 1.2.6)
      thor (>= 0.14.3)
      tilt (~> 1.3.0)
      tzinfo
    padrino-gen (0.9.27)
      bundler (>= 1.0.2)
      grit
      padrino-core (= 0.9.27)
    padrino-helpers (0.9.27)
      i18n (>= 0.4.1)
      padrino-core (= 0.9.27)
    padrino-mailer (0.9.27)
      mail (>= 2.2.0)
      padrino-core (= 0.9.27)
    polyglot (0.3.1)
    rack (1.2.2)
    rack-flash (0.1.1)
      rack
    rake (0.8.7)
    shotgun (0.9)
      rack (>= 1.0)
    sinatra (1.2.6)
      rack (~> 1.1)
      tilt (< 2.0, >= 1.2.2)
    thin (1.2.11)
      daemons (>= 1.0.9)
      eventmachine (>= 0.12.6)
      rack (>= 1.0.0)
    thor (0.14.6)
    tilt (1.3)
    treetop (1.4.9)
      polyglot (>= 0.3.1)
    tropo-webapi-ruby (0.1.10)
      hashie (>= 0.2.0)
      json_pure (>= 1.2.0)
    tzinfo (0.3.27)
    url_mount (0.2.1)
      rack
    will_paginate (3.0.pre2)

PLATFORMS
  ruby

DEPENDENCIES
  bcrypt-ruby
  bson_ext (~> 1.3)
  haml
  mongoid (~> 2.0)
  padrino (= 0.9.27)
  rack-flash
  rake
  shotgun
  thin
  tropo-webapi-ruby
